STORAGE: NONE
NUGET
  remote: https://api.nuget.org/v3/index.json
    FSharp.Core (8.0.200)
    MonoGame.Framework.DesktopGL (3.8.1.303)
